GEM
  remote: https://rubygems.org/
  specs:
    bitclust-core (0.8.0)
      progressbar
      rack
    bitclust-dev (0.8.0)
      bitclust-core (= 0.8.0)
    diff-lcs (1.2.5)
    progressbar (0.21.0)
    rack (1.5.2)
    rack-protection (1.5.1)
      rack
    rack-test (0.6.2)
      rack (>= 1.0)
    rake (10.1.1)
    rspec (2.14.1)
      rspec-core (~> 2.14.0)
      rspec-expectations (~> 2.14.0)
      rspec-mocks (~> 2.14.0)
    rspec-core (2.14.7)
    rspec-expectations (2.14.4)
      diff-lcs (>= 1.1.3, < 2.0)
    rspec-mocks (2.14.4)
    sinatra (1.4.4)
      rack (~> 1.4)
      rack-protection (~> 1.4)
      tilt (~> 1.3, >= 1.3.4)
    tilt (1.4.1)

PLATFORMS
  ruby

DEPENDENCIES
  bitclust-core
  bitclust-dev
  rack
  rack-test
  rake
  rspec
  sinatra
